GEM
  remote: https://rubygems.org/
  specs:
    coderay (1.1.2)
    engtagger (0.2.1)
    method_source (0.9.2)
    mustermann (1.0.3)
    pragmatic_segmenter (0.3.22)
      unicode
    pry (0.12.2)
      coderay (~> 1.1.0)
      method_source (~> 0.9.0)
    rack (2.0.8)
    rack-protection (2.0.7)
      rack
    sinatra (2.0.7)
      mustermann (~> 1.0)
      rack (~> 2.0)
      rack-protection (= 2.0.7)
      tilt (~> 2.0)
    sinatra-cors (1.1.0)
    tilt (2.0.10)
    unicode (0.4.4.4)

PLATFORMS
  ruby

DEPENDENCIES
  engtagger
  pragmatic_segmenter
  pry
  sinatra
  sinatra-cors

BUNDLED WITH
   2.1.2
