GEM
  remote: https://rubygems.org/
  specs:
    coderay (1.1.2)
    diff-lcs (1.3)
    engtagger (0.2.1)
    method_source (0.9.2)
    mustermann (1.0.3)
    power_assert (1.1.6)
    pragmatic_segmenter (0.3.22)
      unicode
    pry (0.12.2)
      coderay (~> 1.1.0)
      method_source (~> 0.9.0)
    rack (2.0.8)
    rack-protection (2.0.7)
      rack
    rack-test (1.1.0)
      rack (>= 1.0, < 3)
    rspec (3.9.0)
      rspec-core (~> 3.9.0)
      rspec-expectations (~> 3.9.0)
      rspec-mocks (~> 3.9.0)
    rspec-core (3.9.1)
      rspec-support (~> 3.9.1)
    rspec-expectations (3.9.0)
      diff-lcs (>= 1.2.0, < 2.0)
      rspec-support (~> 3.9.0)
    rspec-mocks (3.9.1)
      diff-lcs (>= 1.2.0, < 2.0)
      rspec-support (~> 3.9.0)
    rspec-support (3.9.2)
    sinatra (2.0.7)
      mustermann (~> 1.0)
      rack (~> 2.0)
      rack-protection (= 2.0.7)
      tilt (~> 2.0)
    sinatra-cors (1.1.0)
    test-unit (3.3.5)
      power_assert
    tilt (2.0.10)
    unicode (0.4.4.4)

PLATFORMS
  ruby

DEPENDENCIES
  engtagger
  pragmatic_segmenter
  pry
  rack-test
  rspec
  sinatra
  sinatra-cors
  test-unit

RUBY VERSION
   ruby 2.5.1p57

BUNDLED WITH
   2.1.4
